GEM
  remote: http://rubygems.org/
  specs:
    addressable (2.2.1)
    haml (3.0.18)
    nokogiri (1.4.3.1)
    rack (1.1.0)
    rack-test (0.5.6)
      rack (>= 1.0)
    redis (2.0.10)
    rspec (1.3.0)
    shoulda (2.11.3)
    sinatra (1.0)
      rack (>= 1.0)
    webrat (0.7.1)
      nokogiri (>= 1.2.0)
      rack (>= 1.0)
      rack-test (>= 0.5.3)

PLATFORMS
  ruby

DEPENDENCIES
  addressable
  haml
  nokogiri
  rack (= 1.1)
  redis
  rspec
  shoulda
  sinatra
  webrat
